GEM
  remote: https://rubygems.org/
  specs:
    byebug (11.1.3)
    childprocess (3.0.0)
    dotenv (2.7.6)
    nokogiri (1.12.5-x86_64-darwin)
      racc (~> 1.4)
    racc (1.5.2)
    rubyzip (2.3.2)
    selenium-webdriver (3.142.7)
      childprocess (>= 0.5, < 4.0)
      rubyzip (>= 1.2.2)

PLATFORMS
  x86_64-darwin-20

DEPENDENCIES
  byebug
  dotenv
  nokogiri
  selenium-webdriver

BUNDLED WITH
   2.2.15
